GIT
  remote: git@github.com:ProductLab/patent_source.git
  revision: ca43c37000cdb3fab558901fd10e8e82876c28fa
  specs:
    patent_source (0.1.0)
      nokogiri

GEM
  remote: http://rubygems.org/
  specs:
    activemodel (3.2.11)
      activesupport (= 3.2.11)
      builder (~> 3.0.0)
    activerecord (3.2.11)
      activemodel (= 3.2.11)
      activesupport (= 3.2.11)
      arel (~> 3.0.2)
      tzinfo (~> 0.3.29)
    activesupport (3.2.11)
      i18n (~> 0.6)
      multi_json (~> 1.0)
    arel (3.0.2)
    builder (3.0.4)
    i18n (0.6.1)
    logger (1.2.8)
    multi_json (1.5.0)
    mysql2 (0.3.11)
    nokogiri (1.5.6)
    rake (10.0.3)
    tzinfo (0.3.35)

PLATFORMS
  ruby

DEPENDENCIES
  activerecord
  logger
  mysql2
  patent_source!
  rake
